GEM
  remote: https://rubygems.org/
  specs:
    deep_merge (1.0.0)
    hoe (3.6.3)
      rake (>= 0.8, < 11.0)
    json (1.8.0)
    open4 (1.3.0)
    rake (10.1.0)
    rake-remote_chef (0.0.4)
      deep_merge
      hoe
      json
      rake-remote_task
      tempdir
    rake-remote_task (2.2.1)
      open4 (~> 1.0)
      rake (>= 0.8, < 11.0)
    tempdir (0.0.1)

PLATFORMS
  ruby

DEPENDENCIES
  rake-remote_chef
